GEM
  remote: http://rubygems.org/
  specs:
    addressable (2.3.2)
    crack (0.3.1)
    diff-lcs (1.1.3)
    domain_name (0.5.20190701)
      unf (>= 0.0.5, < 1.0.0)
    http-cookie (1.0.3)
      domain_name (~> 0.5)
    mime-types (2.99.3)
    netrc (0.11.0)
    nokogiri (1.5.5)
    nokogiri-happymapper (0.5.5)
      nokogiri (~> 1.4)
    rake (0.9.2.2)
    redcarpet (2.1.1)
    rest-client (1.8.0)
      http-cookie (>= 1.0.2, < 2.0)
      mime-types (>= 1.16, < 3.0)
      netrc (~> 0.7)
    rspec (2.11.0)
      rspec-core (~> 2.11.0)
      rspec-expectations (~> 2.11.0)
      rspec-mocks (~> 2.11.0)
    rspec-core (2.11.1)
    rspec-expectations (2.11.3)
      diff-lcs (~> 1.1.3)
    rspec-mocks (2.11.3)
    unf (0.1.4)
      unf_ext
    unf_ext (0.0.7.6)
    webmock (1.8.10)
      addressable (>= 2.2.7)
      crack (>= 0.1.7)
    yard (0.8.2.1)

PLATFORMS
  ruby

DEPENDENCIES
  nokogiri-happymapper (= 0.5.5)
  rake (= 0.9.2.2)
  redcarpet (= 2.1.1)
  rest-client (= 1.8.0)
  rspec (= 2.11.0)
  rspec-mocks (= 2.11.3)
  webmock (= 1.8.10)
  yard (= 0.8.2.1)
